GEM
  remote: https://rubygems.org/
  specs:
    actionmailer (4.0.4)
      actionpack (= 4.0.4)
      mail (~> 2.5.4)
    actionpack (4.0.4)
      activesupport (= 4.0.4)
      builder (~> 3.1.0)
      erubis (~> 2.7.0)
      rack (~> 1.5.2)
      rack-test (~> 0.6.2)
    activemodel (4.0.4)
      activesupport (= 4.0.4)
      builder (~> 3.1.0)
    activerecord (4.0.4)
      activemodel (= 4.0.4)
      activerecord-deprecated_finders (~> 1.0.2)
      activesupport (= 4.0.4)
      arel (~> 4.0.0)
    activerecord-deprecated_finders (1.0.3)
    activesupport (4.0.4)
      i18n (~> 0.6, >= 0.6.9)
      minitest (~> 4.2)
      multi_json (~> 1.3)
      thread_safe (~> 0.1)
      tzinfo (~> 0.3.37)
    addressable (2.3.6)
    arel (4.0.1)
    atomic (1.1.16)
    bootstrap-sass-rails (3.0.2.1)
      railties (>= 3.1.0)
      sass-rails (>= 3.1.0)
    builder (3.1.4)
    capybara (2.2.1)
      mime-types (>= 1.16)
      nokogiri (>= 1.3.3)
      rack (>= 1.0.0)
      rack-test (>= 0.5.4)
      xpath (~> 2.0)
    capybara_minitest_spec (1.0.1)
      capybara (>= 2)
      minitest (>= 2)
    chunky_png (1.3.0)
    ci_reporter (1.9.1)
      builder (>= 2.1.2)
    cliver (0.3.2)
    clockwork (0.7.3)
      activesupport
      tzinfo
    codemirror-rails (3.22)
      railties (>= 3.0, < 5)
    coderay (1.1.0)
    crack (0.4.2)
      safe_yaml (~> 1.0.0)
    cssmin (1.0.3)
    daemons (1.1.9)
    dalli (2.7.0)
    database_cleaner (1.2.0)
    delayed_job (4.0.0)
      activesupport (>= 3.0, < 4.1)
    delayed_job_active_record (4.0.0)
      activerecord (>= 3.0, < 4.1)
      delayed_job (>= 3.0, < 4.1)
    docile (1.1.3)
    erubis (2.7.0)
    escape_utils (1.0.1)
    execjs (2.0.2)
    faker (1.3.0)
      i18n (~> 0.5)
    flog (4.2.0)
      ruby_parser (~> 3.1, > 3.1.0)
      sexp_processor (~> 4.4)
    font-awesome-rails (4.0.3.1)
      railties (>= 3.2, < 5.0)
    haml (4.0.5)
      tilt
    hike (1.2.3)
    hoptoad_notifier (2.4.11)
      activesupport
      builder
    i18n (0.6.9)
    innertube (1.1.0)
    jquery-datatables-rails (1.12.2)
      jquery-rails
    jquery-rails (3.1.0)
      railties (>= 3.0, < 5.0)
      thor (>= 0.14, < 2.0)
    jquery-ui-rails (4.2.0)
      railties (>= 3.2.16)
    json (1.8.1)
    kaminari (0.15.1)
      actionpack (>= 3.0.0)
      activesupport (>= 3.0.0)
    kgio (2.9.2)
    mail (2.5.4)
      mime-types (~> 1.16)
      treetop (~> 1.4.8)
    metaclass (0.0.4)
    method_source (0.8.2)
    middleware (0.1.0)
    mime-types (1.25)
    mini_portile (0.5.3)
    minitest (4.7.5)
    minitest-colorize (0.0.5)
      minitest (>= 2.0)
    mocha (1.0.0)
      metaclass (~> 0.0.1)
    multi_json (1.9.2)
    mysql2 (0.3.15)
    newrelic_rpm (3.7.3.204)
    nokogiri (1.6.1)
      mini_portile (~> 0.5.0)
    pkg-config (1.1.5)
    poltergeist (1.5.0)
      capybara (~> 2.1)
      cliver (~> 0.3.1)
      multi_json (~> 1.0)
      websocket-driver (>= 0.2.0)
    polyglot (0.3.4)
    pry (0.9.12.6)
      coderay (~> 1.0)
      method_source (~> 0.8)
      slop (~> 3.4)
    rack (1.5.2)
    rack-mini-profiler (0.9.1)
      rack (>= 1.1.3)
    rack-test (0.6.2)
      rack (>= 1.0)
    rails (4.0.4)
      actionmailer (= 4.0.4)
      actionpack (= 4.0.4)
      activerecord (= 4.0.4)
      activesupport (= 4.0.4)
      bundler (>= 1.3.0, < 2.0)
      railties (= 4.0.4)
      sprockets-rails (~> 2.0.0)
    rails_tokeninput (1.6.1.rc1)
      railties (>= 3.1.0)
    railties (4.0.4)
      actionpack (= 4.0.4)
      activesupport (= 4.0.4)
      rake (>= 0.8.7)
      thor (>= 0.18.1, < 2.0)
    raindrops (0.13.0)
    rake (10.1.1)
    rdoc (4.1.1)
      json (~> 1.4)
    redcarpet (3.1.1)
    riddle (1.5.9)
    ruby-ldap (0.9.16)
    ruby_parser (3.4.1)
      sexp_processor (~> 4.1)
    safe_yaml (1.0.1)
    sass (3.2.12)
    sass-rails (4.0.2)
      railties (>= 4.0.0, < 5.0)
      sass (~> 3.2.0)
      sprockets (~> 2.8, <= 2.11.0)
      sprockets-rails (~> 2.0.0)
    sexp_processor (4.4.2)
    simplecov (0.8.2)
      docile (~> 1.1.0)
      multi_json
      simplecov-html (~> 0.8.0)
    simplecov-html (0.8.0)
    slop (3.5.0)
    sprite-factory (1.6.0)
    sprockets (2.10.1)
      hike (~> 1.2)
      multi_json (~> 1.0)
      rack (~> 1.0)
      tilt (~> 1.1, != 1.3.0)
    sprockets-rails (2.0.1)
      actionpack (>= 3.0)
      activesupport (>= 3.0)
      sprockets (~> 2.8)
    thinking-sphinx (3.0.6)
      activerecord (>= 3.1.0)
      builder (>= 2.1.2)
      innertube (>= 1.0.2)
      middleware (>= 0.1.0)
      riddle (>= 1.5.9)
    thor (0.19.1)
    thread_safe (0.3.1)
      atomic (>= 1.1.7, < 2)
    tilt (1.4.1)
    timecop (0.7.1)
    treetop (1.4.15)
      polyglot
      polyglot (>= 0.3.1)
    tzinfo (0.3.39)
    uglifier (2.5.0)
      execjs (>= 0.3.0)
      json (>= 1.8.0)
    unicorn (4.8.2)
      kgio (~> 2.6)
      rack
      raindrops (~> 0.7)
    unicorn-rails (1.1.0)
      rack
      unicorn
    webmock (1.17.4)
      addressable (>= 2.2.7)
      crack (>= 0.3.2)
    websocket-driver (0.3.2)
    xmlhash (1.3.6)
      pkg-config
    xpath (2.0.0)
      nokogiri (~> 1.3)
    yajl-ruby (1.2.0)

PLATFORMS
  ruby

DEPENDENCIES
  actionmailer
  bootstrap-sass-rails
  capybara_minitest_spec
  chunky_png
  ci_reporter
  clockwork (>= 0.7)
  codemirror-rails (>= 3.13)
  cssmin (>= 1.0.2)
  daemons
  dalli
  database_cleaner (>= 1.0.1)
  delayed_job_active_record (>= 4.0.0)
  escape_utils
  faker
  flog (> 4.1.0)
  font-awesome-rails
  haml
  hoptoad_notifier (~> 2.3)
  jquery-datatables-rails
  jquery-rails
  jquery-ui-rails
  kaminari
  minitest (< 5.0)
  minitest-colorize
  mocha (> 0.13.0)
  mysql2
  newrelic_rpm
  nokogiri (~> 1.6.0)
  poltergeist (>= 1.4)
  pry (>= 0.9.12)
  rack-mini-profiler
  rails (~> 4.0)
  rails_tokeninput (>= 1.6.1.rc1)
  rdoc
  redcarpet
  riddle (= 1.5.9)
  ruby-ldap
  sass-rails
  simplecov
  sprite-factory (>= 1.5.2)
  thinking-sphinx
  tilt (>= 1.4.1)
  timecop
  uglifier (>= 1.2.2)
  unicorn-rails
  webmock (>= 1.9.0)
  xmlhash (>= 1.3.6)
  yajl-ruby
